PATH
  remote: .
  specs:
    sevisr (0.1.0)
      activesupport
      nokogiri (~> 1.10.4)
      rubyzip (>= 1.2.2)

GEM
  remote: https://rubygems.org/
  specs:
    activesupport (5.2.1)
      concurrent-ruby (~> 1.0, >= 1.0.2)
      i18n (>= 0.7, < 2)
      minitest (~> 5.1)
      tzinfo (~> 1.1)
    concurrent-ruby (1.0.5)
    diff-lcs (1.3)
    factory_bot (4.11.1)
      activesupport (>= 3.0.0)
    ffaker (2.10.0)
    i18n (0.9.5)
      concurrent-ruby (~> 1.0)
    mini_portile2 (2.4.0)
    minitest (5.11.3)
    nokogiri (1.10.4)
      mini_portile2 (~> 2.4.0)
    rake (13.0.1)
    rspec (3.8.0)
      rspec-core (~> 3.8.0)
      rspec-expectations (~> 3.8.0)
      rspec-mocks (~> 3.8.0)
    rspec-core (3.8.0)
      rspec-support (~> 3.8.0)
    rspec-expectations (3.8.2)
      diff-lcs (>= 1.2.0, < 2.0)
      rspec-support (~> 3.8.0)
    rspec-mocks (3.8.0)
      diff-lcs (>= 1.2.0, < 2.0)
      rspec-support (~> 3.8.0)
    rspec-support (3.8.0)
    rubyzip (1.2.3)
    thread_safe (0.3.6)
    tzinfo (1.2.5)
      thread_safe (~> 0.1)

PLATFORMS
  ruby

DEPENDENCIES
  bundler (~> 1.16)
  factory_bot (~> 4.0)
  ffaker
  rake (~> 13.0)
  rspec (~> 3.0)
  sevisr!

BUNDLED WITH
   1.17.2
